PATH
  remote: .
  specs:
    metriks-graphite (0.9)
      metriks (< 2.0)

GEM
  remote: http://rubygems.org/
  specs:
    atomic (1.0.1)
    avl_tree (1.1.3)
    hitimes (1.1.1)
    metaclass (0.0.1)
    metriks (0.9.9.2)
      atomic (~> 1.0)
      avl_tree (~> 1.1.2)
      hitimes (~> 1.1)
    mocha (0.12.7)
      metaclass (~> 0.0.1)
    rake (0.8.7)

PLATFORMS
  ruby

DEPENDENCIES
  metriks-graphite!
  mocha (~> 0.10)
  rake (= 0.8.7)
